GIT
  remote: git://github.com/merqlove/padrino-framework.git
  revision: 57211ae0613c4aa3dbe63ede19fb3c079351f410
  specs:
    padrino-core (0.12.2)
      activesupport (>= 3.1)
      http_router (~> 0.11.0)
      padrino-support (= 0.12.2)
      rack-protection (>= 1.5.0)
      sinatra (~> 1.4.2)
      thor (~> 0.18.0)
    padrino-helpers (0.12.2)
      i18n (~> 0.6, >= 0.6.7)
      padrino-support (= 0.12.2)
      tilt (~> 1.4.1)
    padrino-mailer (0.12.2)
      mail (~> 2.5.3)
      padrino-core (= 0.12.2)
    padrino-support (0.12.2)
      activesupport (>= 3.1)

GIT
  remote: git://github.com/merqlove/sinatra-sequel.git
  revision: 53693775aad083ffb7db4a6d4c5fd01b9b57a65c
  specs:
    sinatra-sequel (0.9.0)
      sequel (>= 3.2.0)
      sinatra (>= 0.9.4)

GIT
  remote: git://github.com/merqlove/yandex-captcha.git
  revision: c086dad67ca28737673c2d3273983e24d78fcecb
  specs:
    yandex_captcha (0.4.0)
      nokogiri

GEM
  remote: https://rubygems.org/
  specs:
    activesupport (4.1.1)
      i18n (~> 0.6, >= 0.6.9)
      json (~> 1.7, >= 1.7.7)
      minitest (~> 5.1)
      thread_safe (~> 0.1)
      tzinfo (~> 1.1)
    airbrake (3.1.17)
      builder
      multi_json
    awesome_print (1.2.0)
    backports (3.6.0)
    brice (0.2.9)
      ruby-nuggets (>= 0.5.2)
    builder (3.2.2)
    chunky_png (1.3.1)
    closure-compiler (1.1.10)
    coffee-script (2.2.0)
      coffee-script-source
      execjs
    coffee-script-source (1.7.0)
    compass (0.12.2)
      chunky_png (~> 1.2)
      fssm (>= 0.2.7)
      sass (~> 3.1)
    dalli (2.7.2)
    eco (1.0.0)
      coffee-script
      eco-source
      execjs
    eco-source (1.1.0.rc.1)
    erubis (2.7.0)
    execjs (2.0.2)
    fssm (0.2.10)
    hike (1.2.3)
    hirb (0.7.1)
    http_router (0.11.1)
      rack (>= 1.0.0)
      url_mount (~> 0.2.1)
    i18n (0.6.9)
    json (1.7.7)
    kgio (2.9.2)
    mail (2.5.4)
      mime-types (~> 1.16)
      treetop (~> 1.4.8)
    memcachier (0.0.2)
    mime-types (1.25.1)
    mini_portile (0.6.0)
    minitest (5.3.4)
    multi_json (1.10.0)
    nokogiri (1.6.2.1)
      mini_portile (= 0.6.0)
    pg (0.17.1)
    polyglot (0.3.4)
    puma (2.8.2)
      rack (>= 1.1, < 2.0)
    rack (1.5.2)
    rack-cache (1.2)
      rack (>= 0.4)
    rack-flash3 (1.0.5)
      rack
    rack-protection (1.5.3)
      rack
    rack-standards (0.0.1)
    rack-test (0.6.2)
      rack (>= 1.0)
    rake (10.3.2)
    ruby-nuggets (0.9.9)
    sass (3.2.19)
    sequel (4.10.0)
    sequel_postgresql_triggers (1.0.7)
      sequel
    sinatra (1.4.5)
      rack (~> 1.4)
      rack-protection (~> 1.4)
      tilt (~> 1.3, >= 1.3.4)
    sinatra-contrib (1.4.2)
      backports (>= 2.0)
      multi_json
      rack-protection
      rack-test
      sinatra (~> 1.4.0)
      tilt (~> 1.3)
    sinatra-respond_to (0.9.0)
      sinatra (~> 1.3)
    sprockets (2.12.1)
      hike (~> 1.2)
      multi_json (~> 1.0)
      rack (~> 1.0)
      tilt (~> 1.1, != 1.3.0)
    sprockets-memcache-store (0.0.1)
      dalli
    sprockets-sass (1.1.0)
      sprockets (~> 2.0)
      tilt (~> 1.1)
    thor (0.18.1)
    thread_safe (0.3.3)
    tilt (1.4.1)
    treetop (1.4.15)
      polyglot
      polyglot (>= 0.3.1)
    tzinfo (1.1.0)
      thread_safe (~> 0.1)
    uglifier (2.2.1)
      execjs (>= 0.3.0)
      multi_json (~> 1.0, >= 1.0.2)
    url_mount (0.2.1)
      rack
    what_methods (1.0.1)
    wirble (0.1.3)
    yui-compressor (0.12.0)

PLATFORMS
  ruby

DEPENDENCIES
  activesupport
  airbrake
  awesome_print
  brice
  builder
  closure-compiler
  coffee-script
  compass
  dalli
  eco
  erubis
  hirb
  i18n
  json (~> 1.7.7)
  kgio
  memcachier
  padrino-helpers (~> 0.12.2)!
  padrino-mailer (~> 0.12.2)!
  pg
  puma
  rack-cache
  rack-flash3
  rack-standards
  rake
  sass (~> 3.2.19)
  sequel
  sequel_postgresql_triggers
  sinatra
  sinatra-contrib
  sinatra-respond_to
  sinatra-sequel!
  sprockets
  sprockets-memcache-store
  sprockets-sass
  uglifier
  what_methods
  wirble
  yandex_captcha!
  yui-compressor
